GEM
  remote: http://rubygems.org/
  specs:
    nokogiri (1.4.3.1)
    rack (1.2.1)
    rspec (1.3.0)
    typhoeus (0.1.31)
      rack

PLATFORMS
  ruby

DEPENDENCIES
  nokogiri
  rspec (= 1.3.0)
  typhoeus
