GEM
  remote: http://rubygems.org/
  specs:
    addressable (2.1.2)
    nokogiri (1.4.3.1)
    rack (1.2.1)
    rspec (1.3.0)
    typhoeus (0.1.29)
      rack

PLATFORMS
  ruby

DEPENDENCIES
  addressable (= 2.1.2)
  nokogiri (= 1.4.3.1)
  rspec (= 1.3.0)
  typhoeus (= 0.1.29)
