GEM
  remote: http://rubygems.org/
  specs:
    nokogiri (1.4.3.1)
    rack (1.2.1)
    typhoeus (0.1.31)
      rack
    unicode_utils (1.0.0)

PLATFORMS
  ruby

DEPENDENCIES
  nokogiri
  typhoeus
  unicode_utils
